GEM
  remote: http://rubygems.org/
  specs:
    BlueCloth (1.0.1)
    albino (1.3.2)
      posix-spawn (>= 0.3.3)
    configuration (1.2.0)
    json (1.5.0)
    launchy (0.3.7)
      configuration (>= 0.0.5)
      rake (>= 0.8.1)
    oyster (0.9.4)
    pdoc (0.2.0)
      BlueCloth (> 0.0.0)
      oyster (> 0.0.0)
      treetop (> 0.0.0)
    polyglot (0.3.1)
    posix-spawn (0.3.3)
    rack (1.2.1)
    rake (12.3.3)
    sinatra (1.1.2)
      rack (~> 1.1)
      tilt (~> 1.2)
    sprockets (1.0.2)
    tilt (1.2.2)
    treetop (1.4.9)
      polyglot (>= 0.3.1)

PLATFORMS
  ruby

DEPENDENCIES
  albino
  json
  launchy
  pdoc
  rake
  sinatra
  sprockets
