GEM
  remote: http://rubygems.org/
  specs:
    BlueCloth (1.0.1)
    configuration (1.1.0)
    json (1.4.6)
    launchy (0.3.7)
      configuration (>= 0.0.5)
      rake (>= 0.8.1)
    oyster (0.9.4)
    pdoc (0.2.0)
      BlueCloth (> 0.0.0)
      oyster (> 0.0.0)
      treetop (> 0.0.0)
    polyglot (0.3.1)
    rack (1.2.1)
    rake (0.8.7)
    sinatra (1.0)
      rack (>= 1.0)
    sprockets (1.0.2)
    treetop (1.4.8)
      polyglot (>= 0.3.1)

PLATFORMS
  ruby

DEPENDENCIES
  json
  launchy
  pdoc
  rake
  sinatra
  sprockets
